GIT
  remote: git://github.com/foxnewsnetwork/jeweler.git
  revision: f05c62e168cfc29bd82cebe06df8fd11e1ef09ee
  branch: ruby-2.0.0-ifying
  specs:
    jeweler (1.8.4)
      bundler (~> 1.3.0.pre)
      git (>= 1.2.5)
      rake
      rdoc

GEM
  remote: https://rubygems.org/
  specs:
    activesupport (4.0.0)
      i18n (~> 0.6, >= 0.6.4)
      minitest (~> 4.2)
      multi_json (~> 1.3)
      thread_safe (~> 0.1)
      tzinfo (~> 0.3.37)
    atomic (1.1.13)
    atomic (1.1.13-java)
    commander (4.1.5)
      highline (~> 1.6.11)
    diff-lcs (1.2.4)
    git (1.2.6)
    grocer (0.4.1)
    highline (1.6.19)
    i18n (0.6.5)
    json (1.8.0)
    json (1.8.0-java)
    minitest (4.7.5)
    multi_json (1.7.9)
    rack (1.5.2)
    rack-test (0.6.2)
      rack (>= 1.0)
    rake (10.1.0)
    rdoc (4.0.1)
      json (~> 1.4)
    rspec (2.14.1)
      rspec-core (~> 2.14.0)
      rspec-expectations (~> 2.14.0)
      rspec-mocks (~> 2.14.0)
    rspec-core (2.14.5)
    rspec-expectations (2.14.2)
      diff-lcs (>= 1.1.3, < 2.0)
    rspec-mocks (2.14.3)
    rubyzip (1.0.0)
    simplecov (0.7.1)
      multi_json (~> 1.0)
      simplecov-html (~> 0.7.1)
    simplecov-html (0.7.1)
    terminal-table (1.4.5)
    thread_safe (0.1.2)
      atomic
    thread_safe (0.1.2-java)
      atomic
    tzinfo (0.3.37)
    yard (0.8.7)

PLATFORMS
  java
  ruby

DEPENDENCIES
  activesupport
  commander
  grocer
  jeweler!
  rack-test
  rake
  rspec
  rubyzip
  simplecov
  terminal-table
  yard
